PATH
  remote: .
  specs:
    dock_test (0.4.5)
      json-schema
      multi_json
      nokogiri
      rack
      rake
      simple_oauth

GEM
  remote: https://rubygems.org/
  specs:
    addressable (2.3.8)
    ast (2.1.0)
    astrolabe (1.3.1)
      parser (~> 2.2)
    coderay (1.1.0)
    hiredis (0.6.0)
    json-schema (2.5.1)
      addressable (~> 2.3.7)
    method_source (0.8.2)
    mini_portile (0.6.2)
    minitest (5.8.1)
    msgpack (0.5.12)
    multi_json (1.11.2)
    nido (1.0.0)
    nokogiri (1.6.6.2)
      mini_portile (~> 0.6.0)
    ohm (2.3.0)
      msgpack (~> 0.5.0)
      nido
      redic (~> 1.5.0)
      stal
    parser (2.2.3.0)
      ast (>= 1.1, < 3.0)
    powerpack (0.1.1)
    pry (0.10.2)
      coderay (~> 1.1.0)
      method_source (~> 0.8.1)
      slop (~> 3.4)
    rack (1.6.4)
    rainbow (2.0.0)
    rake (10.4.2)
    redic (1.5.0)
      hiredis
    rubocop (0.34.2)
      astrolabe (~> 1.3)
      parser (>= 2.2.2.5, < 3.0)
      powerpack (~> 0.1)
      rainbow (>= 1.99.1, < 3.0)
      ruby-progressbar (~> 1.4)
    ruby-progressbar (1.7.5)
    simple_oauth (0.3.1)
    slop (3.6.0)
    stal (0.1.0)
      redic

PLATFORMS
  ruby

DEPENDENCIES
  bundler
  dock_test!
  minitest
  ohm
  pry
  rubocop

BUNDLED WITH
   1.10.6
